PATH
  remote: .
  specs:
    ropencv (0.0.38)
      ffi (>= 1.9.0)
      rbind (>= 0.0.35)

GEM
  remote: https://rubygems.org/
  specs:
    ffi (1.15.5)
    minitest (5.5.1)
    rbind (0.0.35)
      ffi (~> 1.9, >= 1.9.0)

PLATFORMS
  ruby

DEPENDENCIES
  minitest (~> 5.5)
  ropencv!
